PATH
  remote: .
  specs:
    sitemap-parser (0.0.3)
      nokogiri (~> 1.5.6)
      typhoeus (~> 0.6.7)

GEM
  remote: https://rubygems.org/
  specs:
    activesupport (4.0.3)
      i18n (~> 0.6, >= 0.6.4)
      minitest (~> 4.2)
      multi_json (~> 1.3)
      thread_safe (~> 0.1)
      tzinfo (~> 0.3.37)
    atomic (1.1.15)
    ethon (0.6.3)
      ffi (>= 1.3.0)
      mime-types (~> 1.18)
    ffi (1.9.3)
    i18n (0.6.9)
    json (1.8.1)
    mime-types (1.25.1)
    minitest (4.7.5)
    multi_json (1.8.4)
    nokogiri (1.5.11)
    rake (10.1.1)
    rdoc (4.1.1)
      json (~> 1.4)
    shoulda (3.5.0)
      shoulda-context (~> 1.0, >= 1.0.1)
      shoulda-matchers (>= 1.4.1, < 3.0)
    shoulda-context (1.1.6)
    shoulda-matchers (2.5.0)
      activesupport (>= 3.0.0)
    thread_safe (0.2.0)
      atomic (>= 1.1.7, < 2)
    typhoeus (0.6.7)
      ethon (~> 0.6.2)
    tzinfo (0.3.38)

PLATFORMS
  ruby

DEPENDENCIES
  bundler
  rake
  rdoc
  shoulda
  sitemap-parser!
